GIT
  remote: https://github.com/rails/rails
  revision: 25e4b15b1bb486aae727c2079f82d30c743d0f50
  specs:
    actioncable (5.1.0.beta1)
      actionpack (= 5.1.0.beta1)
      nio4r (~> 2.0)
      websocket-driver (~> 0.6.1)
    actionmailer (5.1.0.beta1)
      actionpack (= 5.1.0.beta1)
      actionview (= 5.1.0.beta1)
      activejob (= 5.1.0.beta1)
      mail (~> 2.5, >= 2.5.4)
      rails-dom-testing (~> 2.0)
    actionpack (5.1.0.beta1)
      actionview (= 5.1.0.beta1)
      activesupport (= 5.1.0.beta1)
      rack (~> 2.0)
      rack-test (~> 0.6.3)
      rails-dom-testing (~> 2.0)
      rails-html-sanitizer (~> 1.0, >= 1.0.2)
    actionview (5.1.0.beta1)
      activesupport (= 5.1.0.beta1)
      builder (~> 3.1)
      erubi (~> 1.4)
      rails-dom-testing (~> 2.0)
      rails-html-sanitizer (~> 1.0, >= 1.0.3)
    activejob (5.1.0.beta1)
      activesupport (= 5.1.0.beta1)
      globalid (>= 0.3.6)
    activemodel (5.1.0.beta1)
      activesupport (= 5.1.0.beta1)
    activerecord (5.1.0.beta1)
      activemodel (= 5.1.0.beta1)
      activesupport (= 5.1.0.beta1)
      arel (~> 8.0)
    activesupport (5.1.0.beta1)
      concurrent-ruby (~> 1.0, >= 1.0.2)
      i18n (~> 0.7)
      minitest (~> 5.1)
      tzinfo (~> 1.1)
    rails (5.1.0.beta1)
      actioncable (= 5.1.0.beta1)
      actionmailer (= 5.1.0.beta1)
      actionpack (= 5.1.0.beta1)
      actionview (= 5.1.0.beta1)
      activejob (= 5.1.0.beta1)
      activemodel (= 5.1.0.beta1)
      activerecord (= 5.1.0.beta1)
      activesupport (= 5.1.0.beta1)
      bundler (>= 1.3.0, < 2.0)
      railties (= 5.1.0.beta1)
      sprockets-rails (>= 2.0.0)
    railties (5.1.0.beta1)
      actionpack (= 5.1.0.beta1)
      activesupport (= 5.1.0.beta1)
      method_source
      rake (>= 0.8.7)
      thor (>= 0.18.1, < 2.0)

GIT
  remote: https://github.com/rails/sass-rails
  revision: dfbcc6a53653d8908007e26324a0f299f026ec4f
  specs:
    sass-rails (6.0.0.beta1)
      railties (>= 4.0.0, < 5.1)
      sass (~> 3.4)
      sprockets (~> 4.x)
      sprockets-rails (< 4.0)

GEM
  remote: https://rubygems.org/
  specs:
    active_model_serializers (0.10.5)
      actionpack (>= 4.1, < 6)
      activemodel (>= 4.1, < 6)
      case_transform (>= 0.2)
      jsonapi-renderer (>= 0.1.1.beta1, < 0.2)
    addressable (2.5.0)
      public_suffix (~> 2.0, >= 2.0.2)
    annotate (2.7.1)
      activerecord (>= 3.2, < 6.0)
      rake (>= 10.4, < 12.0)
    arel (8.0.0)
    bourbon (4.3.3)
      sass (~> 3.4)
      thor (~> 0.19)
    builder (3.2.3)
    byebug (9.0.6)
    capybara (2.12.1)
      addressable
      mime-types (>= 1.16)
      nokogiri (>= 1.3.3)
      rack (>= 1.0.0)
      rack-test (>= 0.5.4)
      xpath (~> 2.0)
    capybara_screenshot_idobata (0.0.3)
      capybara (~> 2.0)
      rest-client
    case_transform (0.2)
      activesupport
    childprocess (0.6.2)
      ffi (~> 1.0, >= 1.0.11)
    choice (0.2.0)
    cliver (0.3.2)
    coderay (1.1.1)
    coffee-rails (4.2.1)
      coffee-script (>= 2.2.0)
      railties (>= 4.0.0, < 5.2.x)
    coffee-script (2.4.1)
      coffee-script-source
      execjs
    coffee-script-source (1.12.2)
    concurrent-ruby (1.0.5)
    database_rewinder (0.8.0)
    diff-lcs (1.3)
    domain_name (0.5.20170223)
      unf (>= 0.0.5, < 1.0.0)
    em-hiredis (0.3.1)
      eventmachine (~> 1.0)
      hiredis (~> 0.6.0)
    erubi (1.6.0)
    erubis (2.7.0)
    eventmachine (1.2.3)
    execjs (2.7.0)
    ffi (1.9.18)
    globalid (0.3.7)
      activesupport (>= 4.1.0)
    haml (4.0.7)
      tilt
    haml-rails (0.9.0)
      actionpack (>= 4.0.1)
      activesupport (>= 4.0.1)
      haml (>= 4.0.6, < 5.0)
      html2haml (>= 1.0.1)
      railties (>= 4.0.1)
    hiredis (0.6.1)
    html2haml (2.1.0)
      erubis (~> 2.7.0)
      haml (~> 4.0)
      nokogiri (>= 1.6.0)
      ruby_parser (~> 3.5)
    http-cookie (1.0.3)
      domain_name (~> 0.5)
    i18n (0.8.1)
    interception (0.5)
    jsonapi-renderer (0.1.2)
    launchy (2.4.3)
      addressable (~> 2.3)
    listen (3.1.5)
      rb-fsevent (~> 0.9, >= 0.9.4)
      rb-inotify (~> 0.9, >= 0.9.7)
      ruby_dep (~> 1.2)
    loofah (2.0.3)
      nokogiri (>= 1.5.9)
    mail (2.6.4)
      mime-types (>= 1.16, < 4)
    method_source (0.8.2)
    mime-types (3.1)
      mime-types-data (~> 3.2015)
    mime-types-data (3.2016.0521)
    mini_portile2 (2.1.0)
    minitest (5.10.1)
    netrc (0.11.0)
    nio4r (2.0.0)
    nokogiri (1.7.0.1)
      mini_portile2 (~> 2.1.0)
    pg (0.19.0)
    poltergeist (1.13.0)
      capybara (~> 2.1)
      cliver (~> 0.3.1)
      websocket-driver (>= 0.2.0)
    pry (0.10.4)
      coderay (~> 1.1.0)
      method_source (~> 0.8.1)
      slop (~> 3.4)
    pry-byebug (3.4.2)
      byebug (~> 9.0)
      pry (~> 0.10)
    pry-rails (0.3.5)
      pry (>= 0.9.10)
    pry-rescue (1.4.5)
      interception (>= 0.5)
      pry
    public_suffix (2.0.5)
    puma (3.7.1)
    rack (2.0.1)
    rack-test (0.6.3)
      rack (>= 1.0)
    rails-dom-testing (2.0.2)
      activesupport (>= 4.2.0, < 6.0)
      nokogiri (~> 1.6)
    rails-erd (1.5.0)
      activerecord (>= 3.2)
      activesupport (>= 3.2)
      choice (~> 0.2.0)
      ruby-graphviz (~> 1.2)
    rails-html-sanitizer (1.0.3)
      loofah (~> 2.0)
    rake (11.3.0)
    rb-fsevent (0.9.8)
    rb-inotify (0.9.8)
      ffi (>= 0.5.0)
    redis (3.3.3)
    rest-client (2.0.1)
      http-cookie (>= 1.0.2, < 2.0)
      mime-types (>= 1.16, < 4.0)
      netrc (~> 0.8)
    rspec-mocks (3.5.0)
      diff-lcs (>= 1.2.0, < 2.0)
      rspec-support (~> 3.5.0)
    rspec-support (3.5.0)
    ruby-graphviz (1.2.2)
    ruby_dep (1.5.0)
    ruby_parser (3.8.4)
      sexp_processor (~> 4.1)
    rubyzip (1.2.1)
    sass (3.4.23)
    selenium-webdriver (3.3.0)
      childprocess (~> 0.5)
      rubyzip (~> 1.0)
      websocket (~> 1.0)
    sexp_processor (4.8.0)
    slop (3.6.0)
    sprockets (4.0.0.beta4)
      concurrent-ruby (~> 1.0)
      rack (> 1, < 3)
    sprockets-rails (3.2.0)
      actionpack (>= 4.0)
      activesupport (>= 4.0)
      sprockets (>= 3.0.0)
    tapp (1.5.0)
      thor
    tenpai_wakaru_man (2.0.0)
    thor (0.19.4)
    thread_safe (0.3.6)
    tilt (2.0.6)
    tzinfo (1.2.2)
      thread_safe (~> 0.1)
    uglifier (3.1.4)
      execjs (>= 0.3.0, < 3)
    unf (0.1.4)
      unf_ext
    unf_ext (0.0.7.2)
    webpack-rails (0.9.10)
      railties (>= 3.2.0)
    websocket (1.2.4)
    websocket-driver (0.6.5)
      websocket-extensions (>= 0.1.0)
    websocket-extensions (0.1.2)
    xpath (2.0.0)
      nokogiri (~> 1.3)

PLATFORMS
  ruby

DEPENDENCIES
  active_model_serializers
  annotate
  bourbon
  capybara
  capybara_screenshot_idobata
  coffee-rails
  database_rewinder
  em-hiredis
  haml-rails
  launchy
  listen
  pg
  poltergeist
  pry
  pry-byebug
  pry-rails
  pry-rescue
  puma
  rails!
  rails-erd
  redis
  rspec-mocks
  sass-rails!
  selenium-webdriver
  tapp
  tenpai_wakaru_man
  uglifier
  webpack-rails

RUBY VERSION
   ruby 2.4.0p0

BUNDLED WITH
   1.14.4
